GEM
  remote: https://rubygems.org/
  specs:
    bindata (2.3.1)
    certified (1.0.0)
    coderay (1.1.1)
    domain_name (0.5.20160615)
      unf (>= 0.0.5, < 1.0.0)
    geoutm (1.0.2)
    http-cookie (1.0.2)
      domain_name (~> 0.5)
    mechanize (2.7.4)
      domain_name (~> 0.5, >= 0.5.1)
      http-cookie (~> 1.0)
      mime-types (>= 1.17.2, < 3)
      net-http-digest_auth (~> 1.1, >= 1.1.1)
      net-http-persistent (~> 2.5, >= 2.5.2)
      nokogiri (~> 1.8.2)
      ntlm-http (~> 0.1, >= 0.1.1)
      webrobots (>= 0.0.9, < 0.2)
    method_source (0.8.2)
    mime-types (2.99.2)
    mini_portile2 (2.3.0)
    net-http-digest_auth (1.4)
    net-http-persistent (2.9.4)
    nokogiri (1.8.5)
      mini_portile2 (~> 2.3.0)
    nokogiri (1.8.5-x64-mingw32)
      mini_portile2 (~> 2.3.0)
    nokogiri (1.8.5-x86-mingw32)
      mini_portile2 (~> 2.3.0)
    ntlm-http (0.1.1)
    os (0.9.6)
    pry (0.10.3)
      coderay (~> 1.1.0)
      method_source (~> 0.8.1)
      slop (~> 3.4)
    slop (3.6.0)
    unf (0.1.4)
      unf_ext
    unf_ext (0.0.7.2)
    unf_ext (0.0.7.2-x64-mingw32)
    unf_ext (0.0.7.2-x86-mingw32)
    webrobots (0.1.2)

PLATFORMS
  ruby
  x64-mingw32
  x86-mingw32

DEPENDENCIES
  bindata
  certified
  geoutm
  mechanize
  net-http-persistent (~> 2.9.4)
  nokogiri
  os
  pry

BUNDLED WITH
   1.16.1
